GIT
  remote: https://github.com/errorstudio/errorstudio_capistrano_recipes
  revision: 240692647362ca5e0ed2877ab8a24eb103e5f14a
  specs:
    errorstudio_capistrano_recipes (0.1.11)
      capistrano (~> 3.11.0)
      capistrano-bundler
      capistrano-composer (>= 0.0.6)
      capistrano-passenger
      capistrano-rails
      rvm1-capistrano3

GEM
  remote: https://rubygems.org/
  specs:
    airbrussh (1.3.0)
      sshkit (>= 1.6.1, != 1.7.0)
    capistrano (3.11.0)
      airbrussh (>= 1.0.0)
      i18n
      rake (>= 10.0.0)
      sshkit (>= 1.9.0)
    capistrano-bundler (1.3.0)
      capistrano (~> 3.1)
      sshkit (~> 1.2)
    capistrano-composer (0.0.6)
      capistrano (>= 3.0.0.pre)
    capistrano-passenger (0.2.0)
      capistrano (~> 3.0)
    capistrano-rails (1.4.0)
      capistrano (~> 3.1)
      capistrano-bundler (~> 1.1)
    concurrent-ruby (1.0.5)
    i18n (1.1.0)
      concurrent-ruby (~> 1.0)
    net-scp (1.2.1)
      net-ssh (>= 2.6.5)
    net-ssh (5.0.2)
    rake (12.3.1)
    rvm1-capistrano3 (1.4.0)
      capistrano (~> 3.0)
      sshkit (>= 1.2)
    sshkit (1.17.0)
      net-scp (>= 1.1.2)
      net-ssh (>= 2.8.0)

PLATFORMS
  ruby

DEPENDENCIES
  errorstudio_capistrano_recipes!

BUNDLED WITH
   1.16.2
